GEM
  remote: https://rubygems.org/
  specs:
    power_assert (1.1.5)
    test-unit (3.3.5)
      power_assert

PLATFORMS
  x64-mingw32

DEPENDENCIES
  test-unit

BUNDLED WITH
   2.1.4
